PATH
  remote: .
  specs:
    pyroscope (0.0.10)

GEM
  remote: https://rubygems.org/
  specs:
    diff-lcs (1.4.4)
    io-console (0.5.9)
    irb (1.3.6)
      reline (>= 0.2.5)
    rake (13.0.4)
    rake-compiler (1.1.1)
      rake
    reline (0.2.6)
      io-console (~> 0.5)
    rspec (3.10.0)
      rspec-core (~> 3.10.0)
      rspec-expectations (~> 3.10.0)
      rspec-mocks (~> 3.10.0)
    rspec-core (3.10.1)
      rspec-support (~> 3.10.0)
    rspec-expectations (3.10.1)
      diff-lcs (>= 1.2.0, < 2.0)
      rspec-support (~> 3.10.0)
    rspec-mocks (3.10.2)
      diff-lcs (>= 1.2.0, < 2.0)
      rspec-support (~> 3.10.0)
    rspec-support (3.10.2)
    rubygems-tasks (0.2.5)
      irb (~> 1.0)

PLATFORMS
  arm64-darwin-20
  x86_64-darwin-20

DEPENDENCIES
  bundler
  pyroscope!
  rake
  rake-compiler
  rspec
  rubygems-tasks

BUNDLED WITH
   2.2.15
